GEM
  remote: http://rubygems.org/
  specs:
    activesupport (3.0.9)

PLATFORMS
  ruby

DEPENDENCIES
  activesupport
